GEM
  remote: https://rubygems.org/
  specs:
    coderay (1.1.2)
    haml (5.0.4)
      temple (>= 0.8.0)
      tilt
    method_source (0.9.0)
    mustermann (1.0.2)
    mysql2 (0.5.0)
    pry (0.11.3)
      coderay (~> 1.1.0)
      method_source (~> 0.9.0)
    rack (2.0.4)
    rack-protection (2.0.1)
      rack
    sequel (5.6.0)
    sinatra (2.0.1)
      mustermann (~> 1.0)
      rack (~> 2.0)
      rack-protection (= 2.0.1)
      tilt (~> 2.0)
    slim (3.0.9)
      temple (>= 0.7.6, < 0.9)
      tilt (>= 1.3.3, < 2.1)
    temple (0.8.0)
    tilt (2.0.8)

PLATFORMS
  ruby

DEPENDENCIES
  bundler
  haml
  mysql2
  pry
  sequel
  sinatra (= 2.0.1)
  slim

BUNDLED WITH
   1.16.1
